GIT
  remote: git@github.com:mdsol/api_pagination.git
  revision: 0decdb550667bb0fc300587565b170c1640f5b2b
  tag: v0.0.12
  specs:
    api_pagination (0.0.12)
      kaminari

GIT
  remote: git@github.com:mdsol/astinus.git
  revision: e5786341f75cc127eb434b43d97744a37df4782d
  tag: v0.4.0
  specs:
    astinus (0.4.0)
      json
      log4r (~> 1.1)

GIT
  remote: git@github.com:mdsol/dice_bag-mdsol.git
  revision: f3533d00905f91348312c6b6e28ce29fb6df49bd
  specs:
    dice_bag-mdsol (0.0.3)

GIT
  remote: git@github.com:mdsol/dice_bag.git
  revision: 70a999ab4ca220c77c049bb35906d8a1e52c59f7
  tag: v0.8.0
  specs:
    dice_bag (0.8.0)
      rake

GIT
  remote: git@github.com:mdsol/eureka-client.git
  revision: df9c281188208deaccfb78abc1c09531b8e3a62e
  branch: develop
  specs:
    eureka-client (2.5.3)
      activemodel (>= 2.2.2, < 4.2)
      activeresource (>= 2.2.2, < 4.1)
      activesupport (>= 2.2.2, < 4.2)
      addressable (~> 2.3)
      autoparse (>= 0.3.0)
      dice_bag (~> 0.7)
      extlib (>= 0.9.15)
      faraday (~> 0.8.9)
      faraday_middleware (~> 0.9)
      haml (> 2.0.0)
      json-schema (~> 1.0.4)
      jwt (~> 0.1.5)
      launchy (>= 2.0.0)
      multi_json (>= 1.0.0)
      net-http-persistent (~> 2.8)
      railties (>= 2.2.2, < 4.2)
      signet (~> 0.4.0)

GIT
  remote: git@github.com:mdsol/eureka_tools.git
  revision: c91f4ba1afd407ab988d35d783324346c67202d8
  branch: develop
  specs:
    eureka_tools (1.3.0)
      activemodel
      activesupport
      haml
      term-ansicolor
      thor

GIT
  remote: git@github.com:mdsol/gem_goblin.git
  revision: 3f969ff96fc81e7916fc34e3378b6d7d9c89a8e2
  branch: develop
  specs:
    gem_goblin (0.2.0)
      bundler (>= 1.2)
      gems (~> 0.8)
      semverly

GIT
  remote: git@github.com:mdsol/grandmaster.git
  revision: fa4d4e6aa9cf12bac1958f5fd5128019ac63d373
  tag: v1.4.2
  specs:
    grandmaster (1.4.2)
      actionpack (>= 3.0)
      activesupport (>= 3.0)
      dice_bag (~> 0.7)
      mdsol-tools
      nokogiri (>= 1.5)
      rack (>= 1.2)
      rack-proxy (~> 0.4.0)
      rails (>= 3.0)
      railties (>= 3.0)

GIT
  remote: git@github.com:mdsol/hollywood.git
  revision: 0ed8cabfb53c4fcf33659055b9c282f020816f45
  branch: develop
  specs:
    hollywood (0.0.1)
      actionpack (>= 3.1)
      railties (>= 3.1)

GIT
  remote: git@github.com:mdsol/kender.git
  revision: fb90476d98a70e9d85ad2ec0fe88e49d815a6497
  branch: master
  specs:
    kender (0.2.5)
      bundler

GIT
  remote: git@github.com:mdsol/mauth-client.git
  revision: d422af82f234f092177b5505f48975070ae2a18a
  tag: v2.7.2
  specs:
    mauth-client (2.7.2)
      coderay (~> 1.0)
      dice_bag (~> 0.6)
      faraday (~> 0.7)
      faraday_middleware (~> 0.9)
      json (~> 1.7)
      rack
      term-ansicolor (~> 1.0)

GIT
  remote: git@github.com:mdsol/mdsol-tools.git
  revision: a579688d034a68af058ab99277c260fe060fcdd6
  tag: v0.3.2
  specs:
    mdsol-tools (0.3.1)
      activesupport (>= 2.2.1)
      addressable
      uuidtools (>= 2.1.2)

GIT
  remote: git@github.com:mdsol/rack-cache.git
  revision: f7476a21e8c2b9be294eedb6d4681b8cfdaa90f2
  branch: 1.3-stable
  specs:
    rack-cache (1.3.1)
      rack (>= 0.4)

GIT
  remote: git@github.com:mdsol/sandman-rails.git
  revision: 61b3c54bcab09609eedb38ca2c6453f80cfc6d16
  tag: 0.5.1
  specs:
    sandman-rails (0.5.1)
      activesupport (>= 3.1)
      addressable (>= 2.3)
      railties (>= 3.1)

GIT
  remote: git@github.com:mdsol/shamus.git
  revision: f5bb1f72c4128382d9592dcc15f62350d7f2818e
  tag: 2013.3.0
  specs:
    shamus (0.9.9)
      activesupport
      cucumber (>= 1.0.0)
      git
      haml (>= 3.0.0)
      i18n
      nokogiri
      redcarpet (< 2.0.0)
      sass
      trollop
      yard (>= 0.7.0)

GEM
  remote: https://rubygems.org/
  specs:
    actionmailer (4.1.7)
      actionpack (= 4.1.7)
      actionview (= 4.1.7)
      mail (~> 2.5, >= 2.5.4)
    actionpack (4.1.7)
      actionview (= 4.1.7)
      activesupport (= 4.1.7)
      rack (~> 1.5.2)
      rack-test (~> 0.6.2)
    actionview (4.1.7)
      activesupport (= 4.1.7)
      builder (~> 3.1)
      erubis (~> 2.7.0)
    activemodel (4.1.7)
      activesupport (= 4.1.7)
      builder (~> 3.1)
    activerecord (4.1.7)
      activemodel (= 4.1.7)
      activesupport (= 4.1.7)
      arel (~> 5.0.0)
    activeresource (4.0.0)
      activemodel (~> 4.0)
      activesupport (~> 4.0)
      rails-observers (~> 0.1.1)
    activesupport (4.1.7)
      i18n (~> 0.6, >= 0.6.9)
      json (~> 1.7, >= 1.7.7)
      minitest (~> 5.1)
      thread_safe (~> 0.1)
      tzinfo (~> 1.1)
    addressable (2.3.6)
    arel (5.0.1.20140414130214)
    autoparse (0.3.3)
      addressable (>= 2.3.1)
      extlib (>= 0.9.15)
      multi_json (>= 1.0.0)
    better_errors (2.0.0)
      coderay (>= 1.0.0)
      erubis (>= 2.6.6)
      rack (>= 0.9.0)
    binding_of_caller (0.7.2)
      debug_inspector (>= 0.0.1)
    brakeman (2.6.3)
      erubis (~> 2.6)
      fastercsv (~> 1.5)
      haml (>= 3.0, < 5.0)
      highline (~> 1.6.20)
      multi_json (~> 1.2)
      ruby2ruby (~> 2.1.1)
      ruby_parser (~> 3.5.0)
      sass (~> 3.0)
      slim (>= 1.3.6, < 3.0)
      terminal-table (~> 1.4)
    builder (3.2.2)
    capybara (2.4.4)
      mime-types (>= 1.16)
      nokogiri (>= 1.3.3)
      rack (>= 1.0.0)
      rack-test (>= 0.5.4)
      xpath (~> 2.0)
    celluloid (0.16.0)
      timers (~> 4.0.0)
    childprocess (0.5.5)
      ffi (~> 1.0, >= 1.0.11)
    coderay (1.1.0)
    coffee-script (2.3.0)
      coffee-script-source
      execjs
    coffee-script-source (1.8.0)
    crack (0.4.2)
      safe_yaml (~> 1.0.0)
    cucumber (1.3.17)
      builder (>= 2.1.2)
      diff-lcs (>= 1.1.3)
      gherkin (~> 2.12)
      multi_json (>= 1.7.5, < 2.0)
      multi_test (>= 0.1.1)
    cucumber-rails (1.4.2)
      capybara (>= 1.1.2, < 3)
      cucumber (>= 1.3.8, < 2)
      mime-types (>= 1.16, < 3)
      nokogiri (~> 1.5)
      rails (>= 3, < 5)
    daemon_controller (1.2.0)
    debug_inspector (0.0.2)
    diff-lcs (1.2.5)
    docile (1.1.5)
    erubis (2.7.0)
    eventmachine (1.0.3)
    execjs (2.2.2)
    extlib (0.9.16)
    factory_girl (3.6.2)
      activesupport (>= 3.0.0)
    faraday (0.8.9)
      multipart-post (~> 1.2.0)
    faraday_middleware (0.9.1)
      faraday (>= 0.7.4, < 0.10)
    fastercsv (1.5.5)
    ffi (1.9.6)
    formatador (0.2.5)
    gems (0.8.3)
    gherkin (2.12.2)
      multi_json (~> 1.3)
    git (1.2.8)
    guard (2.6.1)
      formatador (>= 0.2.4)
      listen (~> 2.7)
      lumberjack (~> 1.0)
      pry (>= 0.9.12)
      thor (>= 0.18.1)
    guard-rspec (4.3.1)
      guard (~> 2.1)
      rspec (>= 2.14, < 4.0)
    haml (4.0.5)
      tilt
    haml-rails (0.5.3)
      actionpack (>= 4.0.1)
      activesupport (>= 4.0.1)
      haml (>= 3.1, < 5.0)
      railties (>= 4.0.1)
    highline (1.6.21)
    hike (1.2.3)
    hitimes (1.2.2)
    i18n (0.6.11)
    jasmine (2.0.3)
      jasmine-core (~> 2.0.0)
      phantomjs
      rack (>= 1.2.1)
      rake
    jasmine-core (2.0.2)
    jasmine-jquery-rails (2.0.3)
    jasmine-rails (0.10.2)
      jasmine-core (>= 1.3, < 3.0)
      phantomjs
      railties (>= 3.1.0)
      sprockets-rails
    json (1.8.1)
    json-schema (1.0.12)
    jwt (0.1.13)
      multi_json (>= 1.5)
    kaminari (0.16.1)
      actionpack (>= 3.0.0)
      activesupport (>= 3.0.0)
    launchy (2.4.2)
      addressable (~> 2.3)
    listen (2.7.11)
      celluloid (>= 0.15.2)
      rb-fsevent (>= 0.9.3)
      rb-inotify (>= 0.9)
    log4r (1.1.10)
    lumberjack (1.0.9)
    mail (2.6.3)
      mime-types (>= 1.16, < 3)
    method_source (0.8.2)
    mime-types (2.4.3)
    mini_portile (0.6.0)
    minitest (5.4.2)
    multi_json (1.10.1)
    multi_test (0.1.1)
    multipart-post (1.2.0)
    net-http-persistent (2.9.4)
    node (0.0.2)
      eventmachine
    nokogiri (1.6.3.1)
      mini_portile (= 0.6.0)
    passenger (4.0.53)
      daemon_controller (>= 1.2.0)
      rack
      rake (>= 0.8.1)
    phantomjs (1.9.7.1)
    pry (0.10.1)
      coderay (~> 1.1.0)
      method_source (~> 0.8.1)
      slop (~> 3.4)
    pry-nav (0.2.4)
      pry (>= 0.9.10, < 0.11.0)
    rack (1.5.2)
    rack-proxy (0.4.0)
      rack
    rack-status (1.0.0)
    rack-test (0.6.2)
      rack (>= 1.0)
    rails (4.1.7)
      actionmailer (= 4.1.7)
      actionpack (= 4.1.7)
      actionview (= 4.1.7)
      activemodel (= 4.1.7)
      activerecord (= 4.1.7)
      activesupport (= 4.1.7)
      bundler (>= 1.3.0, < 2.0)
      railties (= 4.1.7)
      sprockets-rails (~> 2.0)
    rails-observers (0.1.2)
      activemodel (~> 4.0)
    railties (4.1.7)
      actionpack (= 4.1.7)
      activesupport (= 4.1.7)
      rake (>= 0.8.7)
      thor (>= 0.18.1, < 2.0)
    rake (10.3.2)
    rb-fsevent (0.9.4)
    rb-inotify (0.9.5)
      ffi (>= 0.5.0)
    redcarpet (1.17.2)
    rspec (3.1.0)
      rspec-core (~> 3.1.0)
      rspec-expectations (~> 3.1.0)
      rspec-mocks (~> 3.1.0)
    rspec-core (3.1.7)
      rspec-support (~> 3.1.0)
    rspec-expectations (3.1.2)
      diff-lcs (>= 1.2.0, < 2.0)
      rspec-support (~> 3.1.0)
    rspec-mocks (3.1.3)
      rspec-support (~> 3.1.0)
    rspec-rails (3.1.0)
      actionpack (>= 3.0)
      activesupport (>= 3.0)
      railties (>= 3.0)
      rspec-core (~> 3.1.0)
      rspec-expectations (~> 3.1.0)
      rspec-mocks (~> 3.1.0)
      rspec-support (~> 3.1.0)
    rspec-support (3.1.2)
    ruby2ruby (2.1.3)
      ruby_parser (~> 3.1)
      sexp_processor (~> 4.0)
    ruby_parser (3.5.0)
      sexp_processor (~> 4.1)
    rubyzip (1.1.6)
    safe_yaml (1.0.4)
    sass (3.2.19)
    sass-rails (4.0.3)
      railties (>= 4.0.0, < 5.0)
      sass (~> 3.2.0)
      sprockets (~> 2.8, <= 2.11.0)
      sprockets-rails (~> 2.0)
    selenium-webdriver (2.43.0)
      childprocess (~> 0.5)
      multi_json (~> 1.0)
      rubyzip (~> 1.0)
      websocket (~> 1.0)
    semverly (1.0.0)
    sexp_processor (4.4.4)
    signet (0.4.5)
      addressable (>= 2.2.3)
      faraday (~> 0.8.1)
      jwt (>= 0.1.5)
      multi_json (>= 1.0.0)
    simple-navigation (3.13.0)
      activesupport (>= 2.3.2)
    simplecov (0.9.1)
      docile (~> 1.1.0)
      multi_json (~> 1.0)
      simplecov-html (~> 0.8.0)
    simplecov-html (0.8.0)
    slim (2.1.0)
      temple (~> 0.6.9)
      tilt (>= 1.3.3, < 2.1)
    slop (3.6.0)
    sprockets (2.11.0)
      hike (~> 1.2)
      multi_json (~> 1.0)
      rack (~> 1.0)
      tilt (~> 1.1, != 1.3.0)
    sprockets-rails (2.2.0)
      actionpack (>= 3.0)
      activesupport (>= 3.0)
      sprockets (>= 2.8, < 4.0)
    temple (0.6.9)
    term-ansicolor (1.3.0)
      tins (~> 1.0)
    terminal-table (1.4.5)
    thor (0.19.1)
    thread_safe (0.3.4)
    tilt (1.4.1)
    timers (4.0.1)
      hitimes
    tins (1.3.3)
    trollop (2.0)
    tzinfo (1.2.2)
      thread_safe (~> 0.1)
    uglifier (2.5.3)
      execjs (>= 0.3.0)
      json (>= 1.8.0)
    uuidtools (2.1.5)
    webmock (1.20.0)
      addressable (>= 2.3.6)
      crack (>= 0.3.2)
    websocket (1.2.1)
    xpath (2.0.0)
      nokogiri (~> 1.3)
    yard (0.8.7.4)

PLATFORMS
  ruby

DEPENDENCIES
  api_pagination!
  astinus!
  better_errors
  binding_of_caller
  brakeman (~> 2.6.3)
  capybara (~> 2.4.4)
  coffee-script (~> 2.3.0)
  cucumber (~> 1.3.17)
  cucumber-rails
  dice_bag!
  dice_bag-mdsol!
  eureka-client!
  eureka_tools!
  factory_girl (~> 3.5)
  faraday (~> 0.8.9)
  gem_goblin!
  grandmaster!
  guard-rspec
  haml (~> 4.0.5)
  haml-rails (~> 0.5.3)
  hollywood!
  jasmine
  jasmine-jquery-rails
  jasmine-rails (~> 0.10.2)
  json (~> 1.8.1)
  kender!
  mauth-client!
  mdsol-tools!
  minitest
  node
  nokogiri (~> 1.6.3)
  passenger (~> 4.0)
  pry (~> 0.9)
  pry-nav (~> 0.2)
  rack-cache!
  rack-status (~> 1.0.0)
  rails (~> 4.1.7)
  rspec (~> 3.1)
  rspec-rails (~> 3.1)
  sandman-rails!
  sass-rails (~> 4.0.3)
  selenium-webdriver (~> 2.43.0)
  shamus!
  simple-navigation
  simplecov
  uglifier (>= 2.5.3)
  webmock (~> 1.20.0)
